GEM
  remote: http://rubygems.org/
  specs:
    diff-lcs (1.1.3)
    flexmock (0.9.0)
    rack (1.4.1)
    rack-protection (1.2.0)
      rack
    rspec (2.11.0)
      rspec-core (~> 2.11.0)
      rspec-expectations (~> 2.11.0)
      rspec-mocks (~> 2.11.0)
    rspec-core (2.11.0)
    rspec-expectations (2.11.1)
      diff-lcs (~> 1.1.3)
    rspec-mocks (2.11.1)
    shotgun (0.9)
      rack (>= 1.0)
    sinatra (1.3.2)
      rack (~> 1.3, >= 1.3.6)
      rack-protection (~> 1.2)
      tilt (~> 1.3, >= 1.3.3)
    sinatra-initializers (0.1.4)
    tilt (1.3.3)

PLATFORMS
  ruby

DEPENDENCIES
  flexmock
  rspec
  shotgun
  sinatra
  sinatra-initializers
